GEM
  remote: https://rubygems.org/
  specs:
    addressable (2.8.1)
      public_suffix (>= 2.0.2, < 6.0)
    launchy (2.5.0)
      addressable (~> 2.7)
    public_suffix (5.0.0)
    ruby-ole (1.2.12.2)
    rubyzip (2.3.2)
    spreadsheet (1.3.0)
      ruby-ole
    zip-zip (0.3)
      rubyzip (>= 1.0.0)

PLATFORMS
  x86_64-linux

DEPENDENCIES
  launchy
  spreadsheet
  zip-zip

BUNDLED WITH
   2.3.14
